GEM
  remote: http://rubygems.org/
  specs:
    coderay (0.8.357)
    couchrest (1.0.1)
      json (>= 1.4.6)
      mime-types (>= 1.15)
      rest-client (>= 1.5.1)
    curb (0.7.8)
    json (1.6.5)
    kgio (2.6.0)
    mime-types (1.17.2)
    mustache (0.11.2)
    rack (1.2.1)
    raindrops (0.7.0)
    rest-client (1.6.7)
      mime-types (>= 1.16)
    shotgun (0.8)
      rack (>= 1.0)
    sinatra (1.1.0)
      rack (~> 1.1)
      tilt (~> 1.1)
    tilt (1.1)
    unicorn (4.2.0)
      kgio (~> 2.6)
      rack
      raindrops (~> 0.7)
    yajl-ruby (1.1.0)

PLATFORMS
  ruby

DEPENDENCIES
  coderay (~> 0.8.357)
  couchrest (~> 1.0)
  curb (~> 0.7.8)
  mustache (~> 0.11.2)
  shotgun
  sinatra (~> 1.0)
  unicorn
  yajl-ruby (~> 1.1.0)
